PATH
  remote: .
  specs:
    appmaker (0.0.7)
      arraybuffer (~> 0.0.6)
      concurrent-ruby (~> 1.0)
      marcel (~> 1.0)
      nio4r (~> 2.0)

GEM
  remote: https://rubygems.org/
  specs:
    arraybuffer (0.0.6)
    byebug (11.1.3)
    coderay (1.1.3)
    concurrent-ruby (1.1.9)
    connection_pool (2.2.5)
    diff-lcs (1.4.4)
    erubi (1.7.1)
    marcel (1.0.2)
    method_source (1.0.0)
    mustermann (1.1.1)
      ruby2_keywords (~> 0.0.1)
    nio4r (2.2.0)
    pry (0.14.1)
      coderay (~> 1.1)
      method_source (~> 1.0)
    pry-byebug (3.8.0)
      byebug (~> 11.0)
      pry (~> 0.10)
    redis (4.3.1)
    rspec (3.10.0)
      rspec-core (~> 3.10.0)
      rspec-expectations (~> 3.10.0)
      rspec-mocks (~> 3.10.0)
    rspec-core (3.10.1)
      rspec-support (~> 3.10.0)
    rspec-expectations (3.10.1)
      diff-lcs (>= 1.2.0, < 2.0)
      rspec-support (~> 3.10.0)
    rspec-mocks (3.10.2)
      diff-lcs (>= 1.2.0, < 2.0)
      rspec-support (~> 3.10.0)
    rspec-support (3.10.2)
    ruby2_keywords (0.0.4)
    stackprof (0.2.17)

PLATFORMS
  arm64-darwin-22
  x86_64-darwin-20

DEPENDENCIES
  appmaker!
  connection_pool
  erubi (~> 1.7.0)
  mustermann
  nio4r (~> 2.2.0)
  pry
  pry-byebug
  redis
  rspec (~> 3.9)
  stackprof

BUNDLED WITH
   2.4.19
