GEM
  remote: https://rubygems.org/
  specs:
    byebug (9.1.0)
    coderay (1.1.2)
    connection_pool (2.2.1)
    erubi (1.7.0)
    method_source (0.9.0)
    mustermann (1.0.1)
    nio4r (2.2.0)
    pg (1.0.0)
    pry (0.11.1)
      coderay (~> 1.1.0)
      method_source (~> 0.9.0)
    pry-byebug (3.5.0)
      byebug (~> 9.1)
      pry (~> 0.10)
    redis (4.0.1)

PLATFORMS
  ruby

DEPENDENCIES
  connection_pool
  erubi (~> 1.7.0)
  mustermann
  nio4r (~> 2.2.0)
  pg
  pry
  pry-byebug
  redis

BUNDLED WITH
   1.16.1
